GEM
  remote: http://rubygems.org/
  specs:
    coffee-script (2.2.0)
      coffee-script-source
      execjs
    coffee-script-source (1.2.0)
    execjs (1.2.13)
      multi_json (~> 1.0)
    haml (3.1.2)
    multi_json (1.0.4)
    rack (1.3.1)
    sass (3.1.4)
    sinatra (1.2.6)
      rack (~> 1.1)
      tilt (>= 1.2.2, < 2.0)
    therubyracer-heroku (0.8.1.pre3)
    tilt (1.3.2)

PLATFORMS
  ruby

DEPENDENCIES
  coffee-script
  haml
  sass
  sinatra
  therubyracer-heroku (= 0.8.1.pre3)
